GEM
  remote: https://rubygems.org/
  specs:
    coderay (1.1.3)
    dotenv (2.8.1)
    dry-cli (1.0.0)
    filewatcher (2.1.0)
      module_methods (~> 0.1.0)
    method_source (1.0.0)
    module_methods (0.1.0)
    nio4r (2.5.8)
    phlex (1.1.0)
      zeitwerk (~> 2.6)
    pry (0.14.1)
      coderay (~> 1.1)
      method_source (~> 1.0)
    puma (6.0.2)
      nio4r (~> 2.0)
    rack (3.0.3)
    rack-proxy (0.7.4)
      rack
    roda (3.63.0)
      rack
    vite_ruby (3.2.14)
      dry-cli (>= 0.7, < 2)
      rack-proxy (~> 0.6, >= 0.6.1)
      zeitwerk (~> 2.2)
    zeitwerk (2.6.6)

PLATFORMS
  x86_64-darwin-21

DEPENDENCIES
  dotenv
  filewatcher
  phlex
  pry
  puma
  roda
  vite_ruby
  zeitwerk

BUNDLED WITH
   2.3.24
